GEM
  remote: http://gems.rubyforge.org/
  specs:
    columnize (0.3.2)
    contest (0.1.2)
    linecache (0.43)
    linguistics (1.0.8)
    rack (1.2.1)
    rack-test (0.5.4)
      rack (>= 1.0)
    ruby-debug (0.10.3)
      columnize (>= 0.1)
      ruby-debug-base (~> 0.10.3.0)
    ruby-debug-base (0.10.3)
      linecache (>= 0.3)
    sinatra (1.1.2)
      rack (~> 1.1)
      tilt (~> 1.2)
    tilt (1.2.2)

PLATFORMS
  ruby

DEPENDENCIES
  contest (= 0.1.2)
  linguistics (= 1.0.8)
  rack-test (= 0.5.4)
  ruby-debug (= 0.10.3)
  sinatra (= 1.1.2)
